GEM
  remote: https://rubygems.org/
  specs:
    rmagick (4.1.2)
    thor (1.0.1)

PLATFORMS
  ruby

DEPENDENCIES
  rmagick
  thor

BUNDLED WITH
   2.1.4